GIT
  remote: git://github.com/rodjek/librarian-puppet.git
  revision: 772a9b27718aeee2d21521539c90a27a1e08be71
  ref: 772a9b27718aeee2d21521539c90a27a1e08be71
  specs:
    librarian-puppet (0.9.10)
      librarian (>= 0.1.1)

GIT
  remote: git://github.com/rodjek/puppet-lint.git
  revision: a4bb1e85c367dfb1137b1357c67ef2609c63ed9c
  ref: a4bb1e85c367dfb1137b1357c67ef2609c63ed9c
  specs:
    puppet-lint (0.4.0.pre1)

GEM
  remote: https://rubygems.org/
  specs:
    builder (3.2.2)
    diff-lcs (1.2.5)
    facter (1.7.4)
    hiera (1.3.0)
      json_pure
    highline (1.6.20)
    json_pure (1.8.1)
    librarian (0.1.1)
      highline
      thor (~> 0.15)
    mime-types (2.0)
    mini_portile (0.5.2)
    nokogiri (1.6.1)
      mini_portile (~> 0.5.0)
    puppet (3.4.2)
      facter (~> 1.6)
      hiera (~> 1.0)
      rgen (~> 0.6.5)
    puppet-blacksmith (2.0.2)
      nokogiri
      puppet (>= 2.7.16)
      rest-client
    rake (10.0.0)
    rest-client (1.6.7)
      mime-types (>= 1.16)
    rgen (0.6.6)
    rspec (2.14.1)
      rspec-core (~> 2.14.0)
      rspec-expectations (~> 2.14.0)
      rspec-mocks (~> 2.14.0)
    rspec-core (2.14.7)
    rspec-expectations (2.14.4)
      diff-lcs (>= 1.1.3, < 2.0)
    rspec-mocks (2.14.4)
    rspec-puppet (1.0.1)
      rspec
    thor (0.18.1)
    yarjuf (1.0.4)
      builder
      rspec (>= 2.0)

PLATFORMS
  ruby

DEPENDENCIES
  librarian-puppet!
  puppet (~> 3.4.0)
  puppet-blacksmith
  puppet-lint!
  rake (= 10.0)
  rspec (~> 2.14.0)
  rspec-puppet (= 1.0.1)
  yarjuf (= 1.0.4)
